GIT
  remote: git://github.com/NYULibraries/browbeat.git
  revision: 1b91e9b367abe041e4ca3f0c3bd54f3f45018925
  branch: gem
  specs:
    browbeat (2.1.0)
      capybara (~> 2)
      figs (~> 2)
      rspec (~> 2)
      sauce-connect (~> 3)
      sauce-cucumber (~> 3)

GEM
  remote: https://rubygems.org/
  specs:
    builder (3.2.2)
    capybara (2.4.4)
      mime-types (>= 1.16)
      nokogiri (>= 1.3.3)
      rack (>= 1.0.0)
      rack-test (>= 0.5.4)
      xpath (~> 2.0)
    childprocess (0.5.5)
      ffi (~> 1.0, >= 1.0.11)
    cliver (0.3.2)
    cmdparse (3.0.0)
    coderay (1.1.0)
    cucumber (1.3.19)
      builder (>= 2.1.2)
      diff-lcs (>= 1.1.3)
      gherkin (~> 2.12)
      multi_json (>= 1.7.5, < 2.0)
      multi_test (>= 0.1.2)
    diff-lcs (1.2.5)
    ffi (1.9.6)
    figs (2.0.3)
      git (~> 1.2.6)
      rake (~> 10.1)
    gherkin (2.12.2)
      multi_json (~> 1.3)
    git (1.2.9.1)
    highline (1.7.1)
    json (1.8.2)
    method_source (0.8.2)
    mime-types (2.4.3)
    mini_portile (0.6.2)
    multi_json (1.11.0)
    multi_test (0.1.2)
    net-http-persistent (2.9.4)
    net-ssh (2.9.2)
    net-ssh-gateway (1.2.0)
      net-ssh (>= 2.6.5)
    netrc (0.10.3)
    nokogiri (1.6.6.2)
      mini_portile (~> 0.6.0)
    parallel (1.4.1)
    parallel_tests (1.0.6)
      parallel
    phantomjs (1.9.8.0)
    poltergeist (1.6.0)
      capybara (~> 2.1)
      cliver (~> 0.3.1)
      multi_json (~> 1.0)
      websocket-driver (>= 0.2.0)
    pry (0.10.1)
      coderay (~> 1.1.0)
      method_source (~> 0.8.1)
      slop (~> 3.4)
    rack (1.6.0)
    rack-test (0.6.3)
      rack (>= 1.0)
    rake (10.4.2)
    rest-client (1.7.3)
      mime-types (>= 1.16, < 3.0)
      netrc (~> 0.7)
    rspec (2.99.0)
      rspec-core (~> 2.99.0)
      rspec-expectations (~> 2.99.0)
      rspec-mocks (~> 2.99.0)
    rspec-core (2.99.2)
    rspec-expectations (2.99.2)
      diff-lcs (>= 1.1.3, < 2.0)
    rspec-mocks (2.99.3)
    rubyzip (1.1.7)
    sauce (3.5.4)
      childprocess (>= 0.1.6)
      cmdparse (>= 2.0.2)
      highline (>= 1.5.0)
      json (>= 1.2.0)
      net-http-persistent
      net-ssh
      net-ssh-gateway
      parallel_tests (= 1.0.6)
      rest-client
      sauce_whisk (~> 0.0.11)
      selenium-webdriver (>= 0.1.2)
    sauce-connect (3.5.2)
      sauce (~> 3.5)
    sauce-cucumber (3.5.0)
      cucumber (>= 1.2.0)
      sauce (~> 3.5.3)
      sauce_whisk (~> 0.0.10)
    sauce_whisk (0.0.17)
      json (~> 1.8.1)
      rest-client (~> 1.7.1)
    selenium-webdriver (2.45.0)
      childprocess (~> 0.5)
      multi_json (~> 1.0)
      rubyzip (~> 1.0)
      websocket (~> 1.0)
    slop (3.6.0)
    websocket (1.2.1)
    websocket-driver (0.5.3)
      websocket-extensions (>= 0.1.0)
    websocket-extensions (0.1.2)
    xpath (2.0.0)
      nokogiri (~> 1.3)

PLATFORMS
  ruby

DEPENDENCIES
  browbeat!
  capybara
  figs
  phantomjs
  poltergeist
  pry
  selenium-webdriver
