GIT
  remote: git://github.com/NYULibraries/nyulibraries-assets.git
  revision: c9f706815aacb82a3b145d16f20603c79107f9ad
  tag: v2.0.1
  specs:
    nyulibraries-assets (2.0.1)
      bootstrap-sass (>= 2.2.0, < 2.3.1.1)
      compass (~> 0.12.2)
      institutions (~> 0.1.1)

GEM
  remote: https://rubygems.org/
  specs:
    POpen4 (0.1.4)
      Platform (>= 0.4.0)
      open4
    Platform (0.4.0)
    bootstrap-sass (2.3.1.0)
      sass (~> 3.2)
    chunky_png (1.2.9)
    coffee-script (2.2.0)
      coffee-script-source
      execjs
    coffee-script-source (1.6.3)
    compass (0.12.2)
      chunky_png (~> 1.2)
      fssm (>= 0.2.7)
      sass (~> 3.1)
    execjs (2.0.2)
    fssm (0.2.10)
    hike (1.2.3)
    institutions (0.1.3)
      ipaddr_range_set (~> 0.10.0)
      require_all (~> 1.3.1)
    ipaddr_range_set (0.10.0)
    libv8 (3.11.8.17)
    microservice_precompiler (0.1.5)
      coffee-script (~> 2.2.0)
      compass (~> 0.12.1)
      mustache (~> 0.99.4)
      rake (~> 10.0.2)
      sprockets (~> 2.8.2)
      uglifier (~> 1.3.0)
      yui-compressor (~> 0.9.6)
    multi_json (1.8.2)
    mustache (0.99.5)
    open4 (1.3.0)
    rack (1.5.2)
    rake (10.0.4)
    ref (1.0.5)
    require_all (1.3.2)
    sass (3.2.12)
    sprockets (2.8.2)
      hike (~> 1.2)
      multi_json (~> 1.0)
      rack (~> 1.0)
      tilt (~> 1.1, != 1.3.0)
    therubyracer (0.11.4)
      libv8 (~> 3.11.8.12)
      ref
    tilt (1.4.1)
    uglifier (1.3.0)
      execjs (>= 0.3.0)
      multi_json (~> 1.0, >= 1.0.2)
    yui-compressor (0.9.6)
      POpen4 (>= 0.1.4)

PLATFORMS
  ruby

DEPENDENCIES
  compass (~> 0.12.2)
  microservice_precompiler
  nyulibraries-assets!
  rake (~> 10.0.4)
  therubyracer (~> 0.11.4)
