GIT
  remote: git://github.com/NYULibraries/nyulibraries-assets.git
  revision: e2e44eed441c23054b745ce64b45aba18820bede
  tag: v3.0.8
  specs:
    nyulibraries-assets (3.0.8)
      bootstrap-sass (= 2.3.2.2)
      compass (= 0.12.5)
      institutions (~> 0.1.1)

GEM
  remote: https://rubygems.org/
  specs:
    POpen4 (0.1.4)
      Platform (>= 0.4.0)
      open4
    Platform (0.4.0)
    bootstrap-sass (2.3.2.2)
      sass (~> 3.2)
    chunky_png (1.3.1)
    coffee-script (2.2.0)
      coffee-script-source
      execjs
    coffee-script-source (1.7.1)
    compass (0.12.5)
      chunky_png (~> 1.2)
      fssm (>= 0.2.7)
      sass (~> 3.2.19)
    execjs (2.2.1)
    fssm (0.2.10)
    hike (1.2.3)
    institutions (0.1.3)
      ipaddr_range_set (~> 0.10.0)
      require_all (~> 1.3.1)
    ipaddr_range_set (0.10.0)
    libv8 (3.11.8.17)
    microservice_precompiler (0.1.5)
      coffee-script (~> 2.2.0)
      compass (~> 0.12.1)
      mustache (~> 0.99.4)
      rake (~> 10.0.2)
      sprockets (~> 2.8.2)
      uglifier (~> 1.3.0)
      yui-compressor (~> 0.9.6)
    multi_json (1.10.1)
    mustache (0.99.6)
    open4 (1.3.4)
    rack (1.5.2)
    rake (10.0.4)
    ref (1.0.5)
    require_all (1.3.2)
    sass (3.2.19)
    sprockets (2.8.2)
      hike (~> 1.2)
      multi_json (~> 1.0)
      rack (~> 1.0)
      tilt (~> 1.1, != 1.3.0)
    therubyracer (0.11.4)
      libv8 (~> 3.11.8.12)
      ref
    tilt (1.4.1)
    uglifier (1.3.0)
      execjs (>= 0.3.0)
      multi_json (~> 1.0, >= 1.0.2)
    yui-compressor (0.9.6)
      POpen4 (>= 0.1.4)

PLATFORMS
  ruby

DEPENDENCIES
  compass (~> 0.12.2)
  microservice_precompiler
  nyulibraries-assets!
  rake (~> 10.0.4)
  therubyracer (~> 0.11.4)
