GIT
  remote: git://github.com/NYULibraries/nyulibraries_assets.git
  revision: c7b523a3d6d0b9360be96c5efc6a9b19e311c11f
  tag: v1.1.14
  specs:
    nyulibraries_assets (1.1.14)
      bootstrap-sass (>= 2.2.0, < 2.3.1.1)
      compass (~> 0.12.2)
      institutions (~> 0.0.5)
      rake (~> 10.0.2)

GEM
  remote: https://rubygems.org/
  specs:
    POpen4 (0.1.4)
      Platform (>= 0.4.0)
      open4
    Platform (0.4.0)
    bootstrap-sass (2.3.1.0)
      sass (~> 3.2)
    chunky_png (1.2.8)
    coffee-script (2.2.0)
      coffee-script-source
      execjs
    coffee-script-source (1.6.3)
    compass (0.12.2)
      chunky_png (~> 1.2)
      fssm (>= 0.2.7)
      sass (~> 3.1)
    execjs (1.4.0)
      multi_json (~> 1.0)
    fssm (0.2.10)
    git (1.2.6)
    hike (1.2.3)
    institutions (0.0.5)
      git (~> 1.2.5)
      ipaddr_range_set (~> 0.10.0)
      rake
      rdoc
      require_all (~> 1.2.1)
    ipaddr_range_set (0.10.0)
    json (1.8.0)
    libv8 (3.11.8.17)
    microservice_precompiler (0.1.5)
      coffee-script (~> 2.2.0)
      compass (~> 0.12.1)
      mustache (~> 0.99.4)
      rake (~> 10.0.2)
      sprockets (~> 2.8.2)
      uglifier (~> 1.3.0)
      yui-compressor (~> 0.9.6)
    multi_json (1.7.7)
    mustache (0.99.4)
    open4 (1.3.0)
    rack (1.5.2)
    rake (10.0.4)
    rdoc (4.0.1)
      json (~> 1.4)
    ref (1.0.5)
    require_all (1.2.1)
    sass (3.2.10)
    sprockets (2.8.2)
      hike (~> 1.2)
      multi_json (~> 1.0)
      rack (~> 1.0)
      tilt (~> 1.1, != 1.3.0)
    therubyracer (0.11.4)
      libv8 (~> 3.11.8.12)
      ref
    tilt (1.4.1)
    uglifier (1.3.0)
      execjs (>= 0.3.0)
      multi_json (~> 1.0, >= 1.0.2)
    yui-compressor (0.9.6)
      POpen4 (>= 0.1.4)

PLATFORMS
  ruby

DEPENDENCIES
  compass (~> 0.12.2)
  microservice_precompiler
  nyulibraries_assets!
  rake (~> 10.0.4)
  therubyracer (~> 0.11.4)
